PATH
  remote: .
  specs:
    fixed_width_file_validator (0.3.0)

GEM
  remote: https://rubygems.org/
  specs:
    byebug (10.0.0)
    coderay (1.1.2)
    docile (1.3.0)
    ffi (1.9.21)
    ffi (1.9.21-java)
    json (2.1.0)
    json (2.1.0-java)
    method_source (0.9.0)
    minitest (5.11.3)
    pry (0.11.3-java)
      coderay (~> 1.1.0)
      method_source (~> 0.9.0)
      spoon (~> 0.0)
    pry-debugger-jruby (1.2.0-java)
      pry (>= 0.10, < 0.12)
      ruby-debug-base (~> 0.10.4)
    rake (10.5.0)
    ruby-debug-base (0.10.6-java)
    simplecov (0.16.1)
      docile (~> 1.1)
      json (>= 1.8, < 3)
      simplecov-html (~> 0.10.0)
    simplecov-html (0.10.2)
    spoon (0.0.6)
      ffi

PLATFORMS
  java
  ruby
  x64-mingw32

DEPENDENCIES
  bundler (~> 1.16)
  byebug
  fixed_width_file_validator!
  minitest (~> 5.0)
  pry
  pry-debugger-jruby
  rake (~> 10.0)
  simplecov

BUNDLED WITH
   1.16.1
