PATH
  remote: .
  specs:
    fixed_width_file_validator (0.1.0)
      fixed_width_file_parser (~> 1.0, >= 1.0.1)

GEM
  remote: https://rubygems.org/
  specs:
    byebug (10.0.0)
    fixed_width_file_parser (1.0.1)
    minitest (5.11.3)
    rake (10.5.0)

PLATFORMS
  ruby

DEPENDENCIES
  bundler (~> 1.16)
  byebug
  fixed_width_file_validator!
  minitest (~> 5.0)
  rake (~> 10.0)

BUNDLED WITH
   1.16.1
